GEM
  remote: https://rubygems.org/
  specs:
    artii (2.1.2)
    colorize (0.8.1)
    timeout (0.0.1)
      timeout-extensions
    timeout-extensions (0.1.1)

PLATFORMS
  ruby

DEPENDENCIES
  artii (~> 2.1)
  colorize (~> 0.8.1)
  timeout (~> 0.0.1)

BUNDLED WITH
   2.0.2
